GIT
  remote: git://github.com/amatsuda/kaminari.git
  revision: f89f139065f42a2993d617cfe4620a64eafad307
  specs:
    kaminari (1.0.1)
      activesupport (>= 4.1.0)
      kaminari-actionview (= 1.0.1)
      kaminari-activerecord (= 1.0.1)
      kaminari-core (= 1.0.1)
    kaminari-actionview (1.0.1)
      actionview
      kaminari-core (= 1.0.1)
    kaminari-activerecord (1.0.1)
      activerecord
      kaminari-core (= 1.0.1)
    kaminari-core (1.0.1)

GIT
  remote: git://github.com/qinmingyuan/default_form.git
  revision: ec16a492cb25e372586d7c2bcfb66e5fe7cd32f5
  tag: v3.1.6
  specs:
    default_form (1.2.0)
      rails (>= 5.0.1)

GIT
  remote: git://github.com/qinmingyuan/default_where.git
  revision: 1e595eb6d7e65d3f04d917d876a1b34a2ca84954
  tag: v2.0.5
  specs:
    default_where (2.1.0)
      activerecord (>= 4.0.0)

GIT
  remote: git://github.com/qinmingyuan/rails_com.git
  revision: 2feb5ff2cb24b7d8ee324933e31c3253cc44773e
  tag: v0.8.37
  specs:
    rails_com (1.1.0)
      rails
      rucaptcha

GIT
  remote: git://github.com/rails/sprockets.git
  revision: 3c542c1b5df82ad1a3a04b818e2ec91b560c9d11
  ref: 3c542c1
  specs:
    sprockets (4.0.0.beta4)
      concurrent-ruby (~> 1.0)
      rack (> 1, < 3)

GIT
  remote: git://github.com/yigexiangfa/the_data.git
  revision: 2ace834d638524d008aa5f68bce554fead5e5a1a
  tag: v1.1.2
  specs:
    the_data (1.0.0)
      rails (>= 5.0)
      roo
      roo-xls
      write_xlsx (~> 0.83.0)

GIT
  remote: git://github.com/yigexiangfa/the_history.git
  revision: 017e41381b5a4b06de698e1e1f7f0ffc582233d1
  tag: v0.2.8
  specs:
    the_history (0.0.1)
      rails (>= 5.0)

GIT
  remote: git://github.com/yigexiangfa/the_role.git
  revision: 3133c30d8a7554f2a328a217bf3570d518760836
  tag: v3.9.15
  specs:
    the_role (1.0.0)
      rails (>= 5)

PATH
  remote: .
  specs:
    the_trade (0.0.1)
      jbuilder (>= 2.7.0)
      money-rails (>= 1.9.0)
      rails (>= 5.0.0)
      stripe

GEM
  remote: https://rubygems.org/
  specs:
    actioncable (5.1.4)
      actionpack (= 5.1.4)
      nio4r (~> 2.0)
      websocket-driver (~> 0.6.1)
    actionmailer (5.1.4)
      actionpack (= 5.1.4)
      actionview (= 5.1.4)
      activejob (= 5.1.4)
      mail (~> 2.5, >= 2.5.4)
      rails-dom-testing (~> 2.0)
    actionpack (5.1.4)
      actionview (= 5.1.4)
      activesupport (= 5.1.4)
      rack (~> 2.0)
      rack-test (>= 0.6.3)
      rails-dom-testing (~> 2.0)
      rails-html-sanitizer (~> 1.0, >= 1.0.2)
    actionview (5.1.4)
      activesupport (= 5.1.4)
      builder (~> 3.1)
      erubi (~> 1.4)
      rails-dom-testing (~> 2.0)
      rails-html-sanitizer (~> 1.0, >= 1.0.3)
    activejob (5.1.4)
      activesupport (= 5.1.4)
      globalid (>= 0.3.6)
    activemodel (5.1.4)
      activesupport (= 5.1.4)
    activerecord (5.1.4)
      activemodel (= 5.1.4)
      activesupport (= 5.1.4)
      arel (~> 8.0)
    activesupport (5.1.4)
      concurrent-ruby (~> 1.0, >= 1.0.2)
      i18n (~> 0.7)
      minitest (~> 5.1)
      tzinfo (~> 1.1)
    addressable (2.5.2)
      public_suffix (>= 2.0.2, < 4.0)
    arel (8.0.0)
    builder (3.2.3)
    capybara (2.15.1)
      addressable
      mini_mime (>= 0.1.3)
      nokogiri (>= 1.3.3)
      rack (>= 1.0.0)
      rack-test (>= 0.5.4)
      xpath (~> 2.0)
    coderay (1.1.1)
    concurrent-ruby (1.0.5)
    erubi (1.6.1)
    factory_bot (4.8.2)
      activesupport (>= 3.0.0)
    factory_bot_rails (4.8.2)
      factory_bot (~> 4.8.2)
      railties (>= 3.0.0)
    faraday (0.13.1)
      multipart-post (>= 1.2, < 3)
    globalid (0.4.0)
      activesupport (>= 4.2.0)
    i18n (0.8.6)
    jbuilder (2.7.0)
      activesupport (>= 4.2.0)
      multi_json (>= 1.2)
    loofah (2.0.3)
      nokogiri (>= 1.5.9)
    mail (2.6.6)
      mime-types (>= 1.16, < 4)
    method_source (0.8.2)
    mime-types (3.1)
      mime-types-data (~> 3.2015)
    mime-types-data (3.2016.0521)
    mini_mime (0.1.4)
    mini_portile2 (2.3.0)
    minitest (5.10.3)
    monetize (1.7.0)
      money (~> 6.9)
    money (6.9.0)
      i18n (>= 0.6.4, < 0.9)
    money-rails (1.9.0)
      activesupport (>= 3.0)
      monetize (~> 1.7.0)
      money (~> 6.9.0)
      railties (>= 3.0)
    multi_json (1.12.2)
    multipart-post (2.0.0)
    mysql2 (0.4.6)
    nio4r (2.1.0)
    nokogiri (1.8.1)
      mini_portile2 (~> 2.3.0)
    pry (0.10.4)
      coderay (~> 1.1.0)
      method_source (~> 0.8.1)
      slop (~> 3.4)
    pry-rails (0.3.6)
      pry (>= 0.10.4)
    public_suffix (3.0.0)
    puma (3.9.1)
    rack (2.0.3)
    rack-test (0.7.0)
      rack (>= 1.0, < 3)
    rails (5.1.4)
      actioncable (= 5.1.4)
      actionmailer (= 5.1.4)
      actionpack (= 5.1.4)
      actionview (= 5.1.4)
      activejob (= 5.1.4)
      activemodel (= 5.1.4)
      activerecord (= 5.1.4)
      activesupport (= 5.1.4)
      bundler (>= 1.3.0)
      railties (= 5.1.4)
      sprockets-rails (>= 2.0.0)
    rails-dom-testing (2.0.3)
      activesupport (>= 4.2.0)
      nokogiri (>= 1.6)
    rails-html-sanitizer (1.0.3)
      loofah (~> 2.0)
    railties (5.1.4)
      actionpack (= 5.1.4)
      activesupport (= 5.1.4)
      method_source
      rake (>= 0.8.7)
      thor (>= 0.18.1, < 2.0)
    rake (12.1.0)
    roo (2.7.1)
      nokogiri (~> 1)
      rubyzip (~> 1.1, < 2.0.0)
    roo-xls (1.1.0)
      nokogiri
      roo (>= 2.0.0beta1, < 3)
      spreadsheet (> 0.9.0)
    ruby-ole (1.2.12.1)
    rubyzip (1.2.1)
    rucaptcha (2.1.3)
      railties (>= 3.2)
    slop (3.6.0)
    spreadsheet (1.1.4)
      ruby-ole (>= 1.0)
    sprockets-rails (3.2.1)
      actionpack (>= 4.0)
      activesupport (>= 4.0)
      sprockets (>= 3.0.0)
    sqlite3 (1.3.13)
    stripe (3.8.0)
      faraday (~> 0.10)
    thor (0.20.0)
    thread_safe (0.3.6)
    tzinfo (1.2.3)
      thread_safe (~> 0.1)
    websocket-driver (0.6.5)
      websocket-extensions (>= 0.1.0)
    websocket-extensions (0.1.2)
    write_xlsx (0.83.0)
      rubyzip (>= 1.0.0)
      zip-zip
    xpath (2.1.0)
      nokogiri (~> 1.3)
    zip-zip (0.3)
      rubyzip (>= 1.0.0)

PLATFORMS
  ruby

DEPENDENCIES
  capybara (= 2.15.1)
  default_form!
  default_where!
  factory_bot_rails
  kaminari!
  mysql2
  pry-rails
  puma
  rails_com!
  sprockets!
  sqlite3
  the_data!
  the_history!
  the_role!
  the_trade!

BUNDLED WITH
   1.16.1
